GEM
  remote: http://rubygems.org/
  specs:
    activemodel (3.0.5)
      activesupport (= 3.0.5)
      builder (~> 2.1.2)
      i18n (~> 0.4)
    activerecord (3.0.5)
      activemodel (= 3.0.5)
      activesupport (= 3.0.5)
      arel (~> 2.0.2)
      tzinfo (~> 0.3.23)
    activesupport (3.0.5)
    arel (2.0.9)
    builder (2.1.2)
    i18n (0.5.0)
    rails3_acts_as_paranoid (0.0.7)
      activerecord (>= 3.0)
    tzinfo (0.3.27)

PLATFORMS
  ruby

DEPENDENCIES
  rails3_acts_as_paranoid
